NUGET
  remote: https://nuget.org/api/v2
  specs:
    Deedle (1.2.4)
    Deedle.RPlugin (1.2.4)
      Deedle (>= 1.2.4)
      R.NET.Community (>= 1.6.4)
      R.NET.Community.FSharp (>= 1.6.4)
      RProvider (>= 1.1.13)
    DynamicInterop (0.7.4)
    FSharp.Charting (0.90.13)
    FSharp.Charting.Gtk (0.90.12)
    FSharp.Core (4.0.0.1)
    Google.DataTable.Net.Wrapper (3.1.2.0)
    Http.fs (1.5.1)
    MathNet.Numerics (3.10.0)
      TaskParallelLibrary (>= 1.0.2856) - framework: net35
    MathNet.Numerics.Data.Text (3.1.1)
      MathNet.Numerics (>= 3.0.0)
    MathNet.Numerics.FSharp (3.10.0)
      FSharp.Core (>= 3.1.2.5)
      MathNet.Numerics (3.10.0)
    Newtonsoft.Json (8.0.2)
    R.NET.Community (1.6.4)
      DynamicInterop (0.7.4)
    R.NET.Community.FSharp (1.6.4)
      R.NET.Community (>= 1.6.4)
    RProvider (1.1.15)
      DynamicInterop (0.7.4)
      R.NET.Community (1.6.4)
      R.NET.Community.FSharp (1.6.4)
    Suave (1.0.0)
      FSharp.Core (>= 3.1.2.5)
    TaskParallelLibrary (1.0.2856.0) - framework: net35
    XPlot.GoogleCharts (1.3.0)
      Google.DataTable.Net.Wrapper
      Newtonsoft.Json
    XPlot.Plotly (1.3.0)
      Http.fs
      Newtonsoft.Json
GITHUB
  remote: evelinag/ffplot
  specs:
    ggplot.fs (ae2aee5ce08aee4ce95c071737aa31480dbd423c)
      Deedle
      Deedle.RPlugin
      RProvider