NUGET
  remote: https://nuget.org/api/v2
  specs:
    FSharp.Charting (0.90.13)
    FSharp.Charting.Gtk (0.90.12)
    FSharp.Core (4.0.0.1)
    Google.DataTable.Net.Wrapper (3.1.2)
    Http.fs (1.5.1)
    MathNet.Numerics (3.9.0)
      TaskParallelLibrary (>= 1.0.2856.0) - framework: net35
    MathNet.Numerics.Data.Text (3.1.1)
      MathNet.Numerics (>= 3.0.0)
    MathNet.Numerics.FSharp (3.9.0)
      FSharp.Core (>= 3.1.2.5)
      MathNet.Numerics (3.9.0)
    Newtonsoft.Json (7.0.1)
    Suave (0.33.0)
      FSharp.Core (>= 3.1.2.5)
    TaskParallelLibrary (1.0.2856.0) - framework: net35
    XPlot.GoogleCharts (1.2.2)
      Google.DataTable.Net.Wrapper
      Newtonsoft.Json
    XPlot.Plotly (1.2.2)
      Http.fs
      Newtonsoft.Json
